GIT
  remote: https://github.com/gitlabhq/grit.git
  revision: 9e98418ce2d654485b967003726aa2706a10060b
  ref: 9e98418ce2d654485b967003726aa2706a10060b
  specs:
    grit (2.5.0)
      diff-lcs (~> 1.1)
      mime-types (~> 1.15)
      posix-spawn (~> 0.3.6)

PATH
  remote: ext/rugged
  specs:
    rugged (0.17.0.b8)

GEM
  remote: https://rubygems.org/
  specs:
    activemodel (3.2.13)
      activesupport (= 3.2.13)
      builder (~> 3.0.0)
    activesupport (3.2.13)
      i18n (= 0.6.1)
      multi_json (~> 1.0)
    ansi (1.4.3)
    builder (3.0.4)
    charlock_holmes (0.6.9.4)
    diff-lcs (1.2.3)
    escape_utils (0.3.2)
    ethon (0.5.11)
      ffi (>= 1.3.0)
      mime-types (~> 1.18)
    faraday (0.8.7)
      multipart-post (~> 1.1)
    ffi (1.7.0)
    github-linguist (2.6.7)
      charlock_holmes (~> 0.6.6)
      escape_utils (~> 0.3.1)
      mime-types (~> 1.19)
      pygments.rb (~> 0.4.2)
    hashr (0.0.22)
    i18n (0.6.1)
    mime-types (1.22)
    multi_json (1.7.2)
    multipart-post (1.2.0)
    posix-spawn (0.3.6)
    pygments.rb (0.4.2)
      posix-spawn (~> 0.3.6)
      yajl-ruby (~> 1.1.0)
    rake (10.0.4)
    rest-client (1.6.7)
      mime-types (>= 1.16)
    tire (0.5.7)
      activemodel (>= 3.0)
      activesupport
      ansi
      hashr (~> 0.0.19)
      multi_json (~> 1.3)
      rake
      rest-client (~> 1.6)
    typhoeus (0.6.3)
      ethon (~> 0.5.11)
    yajl-ruby (1.1.0)

PLATFORMS
  ruby

DEPENDENCIES
  faraday
  github-linguist (~> 2.6.7)
  grit!
  rugged!
  tire (= 0.5.7)
  typhoeus
